PATH
  remote: .
  specs:
    staged_event (0.0.1)
      activerecord (>= 6.0.0)
      directive (>= 0.23.1.1)
      google-protobuf (>= 3.8.0, < 4.0.0)

GEM
  remote: https://rubygems.org/
  specs:
    activemodel (6.1.4.1)
      activesupport (= 6.1.4.1)
    activerecord (6.1.4.1)
      activemodel (= 6.1.4.1)
      activesupport (= 6.1.4.1)
    activesupport (6.1.4.1)
      concurrent-ruby (~> 1.0, >= 1.0.2)
      i18n (>= 1.6, < 2)
      minitest (>= 5.1)
      tzinfo (~> 2.0)
      zeitwerk (~> 2.3)
    around_the_world (0.27.0)
      activesupport (>= 5.2.1)
    concurrent-ruby (1.1.9)
    diff-lcs (1.4.4)
    directive (0.27.0)
      activemodel (>= 5.2.1)
      activesupport (>= 5.2.1)
      substance (= 0.27.0)
    faker (2.19.0)
      i18n (>= 1.6, < 2)
    google-protobuf (3.17.3-universal-darwin)
    i18n (1.8.10)
      concurrent-ruby (~> 1.0)
    minitest (5.14.4)
    rspec (3.10.0)
      rspec-core (~> 3.10.0)
      rspec-expectations (~> 3.10.0)
      rspec-mocks (~> 3.10.0)
    rspec-core (3.10.1)
      rspec-support (~> 3.10.0)
    rspec-expectations (3.10.1)
      diff-lcs (>= 1.2.0, < 2.0)
      rspec-support (~> 3.10.0)
    rspec-mocks (3.10.2)
      diff-lcs (>= 1.2.0, < 2.0)
      rspec-support (~> 3.10.0)
    rspec-support (3.10.2)
    short_circu_it (0.27.0)
      activesupport (>= 5.2.1)
      around_the_world (= 0.27.0)
    sqlite3 (1.4.2)
    substance (0.27.0)
      activemodel (>= 5.2.1)
      activesupport (>= 5.2.1)
      short_circu_it (= 0.27.0)
      tablesalt (= 0.27.0)
      technologic (= 0.27.0)
    tablesalt (0.27.0)
      activemodel (>= 5.2.1)
      activesupport (>= 5.2.1)
    technologic (0.27.0)
      activesupport (>= 5.2.1)
      short_circu_it (= 0.27.0)
    tzinfo (2.0.4)
      concurrent-ruby (~> 1.0)
    zeitwerk (2.4.2)

PLATFORMS
  x86_64-darwin-18

DEPENDENCIES
  faker
  rspec
  sqlite3
  staged_event!

BUNDLED WITH
   2.2.20
